GEM
  remote: http://ruby.taobao.org/
  specs:
    activesupport (3.2.8)
      i18n (~> 0.6)
      multi_json (~> 1.0)
    awesome_print (1.0.2)
    chronic (0.7.0)
    domain_name (0.5.3)
      unf (~> 0.0.3)
    fast-stemmer (1.0.1)
    i18n (0.6.0)
    json (1.7.4)
    mechanize (2.5.1)
      domain_name (~> 0.5, >= 0.5.1)
      mime-types (~> 1.17, >= 1.17.2)
      net-http-digest_auth (~> 1.1, >= 1.1.1)
      net-http-persistent (~> 2.5, >= 2.5.2)
      nokogiri (~> 1.4)
      ntlm-http (~> 0.1, >= 0.1.1)
      webrobots (~> 0.0, >= 0.0.9)
    mime-types (1.19)
    multi_json (1.3.6)
    net-http-digest_auth (1.2.1)
    net-http-persistent (2.7)
    nokogiri (1.5.5)
    ntlm-http (0.1.1)
    pismo (0.7.2)
      awesome_print
      chronic
      fast-stemmer
      nokogiri
      sanitize
      shoulda
    rmmseg-cpp (0.2.9)
    sanitize (2.0.3)
      nokogiri (>= 1.4.4, < 1.6)
    shoulda (3.1.1)
      shoulda-context (~> 1.0)
      shoulda-matchers (~> 1.2)
    shoulda-context (1.0.0)
    shoulda-matchers (1.2.0)
      activesupport (>= 3.0.0)
    unf (0.0.5)
      unf_ext
    unf_ext (0.0.5)
    w3c_validators (1.2)
      json
      nokogiri
    webpage (0.0.9)
    webrobots (0.0.13)

PLATFORMS
  ruby

DEPENDENCIES
  mechanize
  pismo
  rmmseg-cpp
  w3c_validators
  webpage
